GEM
  specs:
    backports (1.18.2)
    json (1.4.6)
    mime-types (1.16)
    monkey-lib (0.5.4)
      backports
    rack (1.2.1)
    rest-client (1.6.1)
      mime-types (>= 1.16)
    sinatra (1.1.2)
      rack (~> 1.1)
      tilt (~> 1.2)
    sinatra-advanced-routes (0.5.1)
      monkey-lib (~> 0.5.0)
      sinatra (~> 1.0)
      sinatra-sugar (~> 0.5.0)
    sinatra-reloader (0.5.0)
      sinatra (~> 1.0)
      sinatra-advanced-routes (~> 0.5.0)
    sinatra-sugar (0.5.0)
      monkey-lib (~> 0.5.0)
      sinatra (~> 1.0)
    tilt (1.2.1)

PLATFORMS
  ruby

DEPENDENCIES
  json
  rest-client
  sinatra
  sinatra-reloader
